GEM
  remote: https://rubygems.org/
  specs:
    thor (0.19.4)

PLATFORMS
  ruby

DEPENDENCIES
  thor

BUNDLED WITH
   1.13.6
